GIT
  remote: https://github.com/faker-ruby/faker.git
  revision: 060061681b9f669be90e9c84c7cd3ccf16d09af1
  branch: master
  specs:
    faker (2.23.0)
      i18n (>= 1.8.11, < 2)

GEM
  remote: https://rubygems.org/
  specs:
    byebug (11.1.3)
    concurrent-ruby (1.1.10)
    i18n (1.12.0)
      concurrent-ruby (~> 1.0)

PLATFORMS
  x86_64-linux

DEPENDENCIES
  byebug
  faker!

BUNDLED WITH
   2.3.21
